PATH
  remote: .
  specs:
    stacked (1.0.0)
      activesupport (~> 3.0.3)
      httparty (~> 0.7.3)
      i18n (~> 0.5.0)

GEM
  remote: http://rubygems.org/
  specs:
    activesupport (3.0.3)
    addressable (2.2.3)
    crack (0.1.8)
    diff-lcs (1.1.2)
    httparty (0.7.3)
      crack (= 0.1.8)
    i18n (0.5.0)
    rake (0.8.7)
    rspec (2.4.0)
      rspec-core (~> 2.4.0)
      rspec-expectations (~> 2.4.0)
      rspec-mocks (~> 2.4.0)
    rspec-core (2.4.0)
    rspec-expectations (2.4.0)
      diff-lcs (~> 1.1.2)
    rspec-mocks (2.4.0)
    webmock (1.6.2)
      addressable (>= 2.2.2)
      crack (>= 0.1.7)

PLATFORMS
  ruby

DEPENDENCIES
  activesupport (~> 3.0.3)
  bundler (~> 1.0)
  httparty (~> 0.7.3)
  i18n (~> 0.5.0)
  rake (~> 0.8)
  rspec (~> 2.4)
  stacked!
  webmock (~> 1.6.2)
